GEM
  remote: http://rubygems.org/
  specs:
    json (2.0.3)
    rack (1.6.4)
    rack-protection (1.5.3)
      rack
    sinatra (1.4.8)
      rack (~> 1.5)
      rack-protection (~> 1.4)
      tilt (>= 1.3, < 3)
    tilt (2.0.5)

PLATFORMS
  ruby

DEPENDENCIES
  json
  sinatra

BUNDLED WITH
   1.14.3
